GEM
  remote: https://rubygems.org/
  specs:
    hoe (4.2.0)
      rake (>= 0.8, < 15.0)
    minitest (5.22.2)
    rake (13.1.0)

PLATFORMS
  x64-mingw-ucrt

DEPENDENCIES
  hoe (~> 4.0)
  minitest (~> 5.18)

BUNDLED WITH
   2.4.13
